GEM
  remote: https://rubygems.org/
  specs:
    pg (0.20.0)
    ruby-graphviz (1.2.3)
    ruby-progressbar (1.11.0)

PLATFORMS
  ruby

DEPENDENCIES
  pg
  ruby-graphviz
  ruby-progressbar

BUNDLED WITH
   2.3.9
